REDIRECTS: ON

GROUP Build
REDIRECTS: ON
NUGET
  remote: https://www.nuget.org/api/v2
    FAKE (4.25.4)
    FSharp.Compiler.Service (2.0.0.6)
    FSharp.Compiler.Tools (4.0.0.1)
    FSharp.Core (4.0.0.1)
    FSharp.Formatting (2.14.1)
      FSharp.Compiler.Service (2.0.0.6)
      FSharpVSPowerTools.Core (>= 2.3 < 2.4)
    FSharpVSPowerTools.Core (2.3)
      FSharp.Compiler.Service (>= 2.0.0.3)
    ILRepack (2.0.10)
    Microsoft.Bcl (1.1.10) - framework: net10, net11, net20, net30, net35, net40, net40-full
      Microsoft.Bcl.Build (>= 1.0.14)
    Microsoft.Bcl.Build (1.0.21) - import_targets: false, framework: net10, net11, net20, net30, net35, net40, net40-full
    Microsoft.Net.Http (2.2.29) - framework: net10, net11, net20, net30, net35, net40, net40-full
      Microsoft.Bcl (>= 1.1.10)
      Microsoft.Bcl.Build (>= 1.0.14)
    Newtonsoft.Json (8.0.3)
    Octokit (0.19)
      Microsoft.Net.Http  - framework: net10, net11, net20, net30, net35, net40, net40-full
    SourceLink.Fake (1.1)
    Suave (1.1.2)
      FSharp.Core (>= 3.1.2.5)
GITHUB
  remote: fsharp/FAKE
    modules/Octokit/Octokit.fsx (60acb2f035cb39f2bd40a6c58a4de10d915da248)
      Octokit
GROUP Test
REDIRECTS: ON
NUGET
  remote: https://www.nuget.org/api/v2
    FSharp.Core (4.0.0.1)
    FSharp.Data (2.2.5)
      Zlib.Portable (>= 1.10) - framework: portable-net40+sl50+wp80+win80
    FsUnit (1.4.1)
      FSharp.Core (>= 3.1.2.5)
      NUnit (2.6.4)
    NUnit (2.6.4)
    NUnit.Runners (2.6.4)
    Zlib.Portable (1.11) - framework: portable-net40+sl50+wp80+win80
